GEM
  remote: https://rubygems.org/
  specs:
    aws-eventstream (1.0.3)
    aws-partitions (1.174.0)
    aws-sdk-core (3.54.2)
      aws-eventstream (~> 1.0, >= 1.0.2)
      aws-partitions (~> 1.0)
      aws-sigv4 (~> 1.1)
      jmespath (~> 1.0)
    aws-sdk-dynamodb (1.30.0)
      aws-sdk-core (~> 3, >= 3.53.0)
      aws-sigv4 (~> 1.1)
    aws-sigv4 (1.1.0)
      aws-eventstream (~> 1.0, >= 1.0.2)
    byebug (11.0.1)
    diff-lcs (1.3)
    jmespath (1.4.0)
    rake (12.3.2)
    rspec (3.8.0)
      rspec-core (~> 3.8.0)
      rspec-expectations (~> 3.8.0)
      rspec-mocks (~> 3.8.0)
    rspec-core (3.8.0)
      rspec-support (~> 3.8.0)
    rspec-expectations (3.8.2)
      diff-lcs (>= 1.2.0, < 2.0)
      rspec-support (~> 3.8.0)
    rspec-mocks (3.8.0)
      diff-lcs (>= 1.2.0, < 2.0)
      rspec-support (~> 3.8.0)
    rspec-support (3.8.0)

PLATFORMS
  ruby

DEPENDENCIES
  aws-sdk-dynamodb
  byebug
  rake
  rspec
  rspec-mocks

BUNDLED WITH
   1.17.2
